GEM
  remote: https://rubygems.org/
  specs:
    bouncy-castle-java (1.5.0146.1)
    coderay (1.0.9)
    haml (3.1.8)
    jruby-openssl (0.8.2)
      bouncy-castle-java (>= 1.5.0146.1)
    method_source (0.8.1)
    pry (0.9.12-java)
      coderay (~> 1.0.5)
      method_source (~> 0.8)
      slop (~> 3.4)
      spoon (~> 0.0)
    rack (1.5.2)
    rack-protection (1.4.0)
      rack
    rake (10.0.3)
    sinatra (1.3.5)
      rack (~> 1.4)
      rack-protection (~> 1.3)
      tilt (~> 1.3, >= 1.3.3)
    slop (3.4.3)
    spoon (0.0.1)
    stomp (1.2.8)
    thor (0.17.0)
    tilt (1.3.4)

PLATFORMS
  java

DEPENDENCIES
  haml (~> 3.1.7)
  jruby-openssl
  pry (~> 0.9.10)
  rake (~> 10.0.3)
  sinatra (~> 1.3.3)
  stomp (~> 1.2.6)
  thor (>= 0.14.6)
